GEM
  remote: http://rubygems.org/
  specs:
    ast (2.4.0)
    builder (3.2.3)
    cane (2.6.2)
      parallel
    contracts (0.16.0)
    cucumber (1.3.20)
      builder (>= 2.1.2)
      diff-lcs (>= 1.1.3)
      gherkin (~> 2.12)
      multi_json (>= 1.7.5, < 2.0)
      multi_test (>= 0.1.2)
    diff-lcs (1.3)
    erubis (2.7.0)
    excellent (2.1.1)
      hashr (>= 0.0.10)
      ruby_parser (>= 3.0)
      sexp_processor (>= 4.0)
    flay (2.12.0)
      erubis (~> 2.7.0)
      path_expander (~> 1.0)
      ruby_parser (~> 3.0)
      sexp_processor (~> 4.0)
    flog (4.6.2)
      path_expander (~> 1.0)
      ruby_parser (~> 3.1, > 3.1.0)
      sexp_processor (~> 4.8)
    gherkin (2.12.2)
      multi_json (~> 1.3)
    hashr (2.0.1)
    jaro_winkler (1.5.2)
    log_switch (0.3.0)
    mini_portile2 (2.4.0)
    multi_json (1.13.1)
    multi_test (0.1.2)
    nokogiri (1.10.8)
      mini_portile2 (~> 2.4.0)
    parallel (1.12.1)
    parser (2.5.3.0)
      ast (~> 2.4.0)
    path_expander (1.0.3)
    powerpack (0.1.2)
    rainbow (2.2.2)
      rake
    rake (10.5.0)
    reek (1.4.0)
      rainbow (>= 1.99, < 3.0)
      ruby2ruby (>= 2.0.8, < 3.0)
      ruby_parser (>= 3.5.0, < 4.0)
      sexp_processor (~> 4.4)
    roodi (4.1.1)
      ruby_parser (~> 3.2, >= 3.2.2)
    rspec (3.8.0)
      rspec-core (~> 3.8.0)
      rspec-expectations (~> 3.8.0)
      rspec-mocks (~> 3.8.0)
    rspec-core (3.8.0)
      rspec-support (~> 3.8.0)
    rspec-expectations (3.8.2)
      diff-lcs (>= 1.2.0, < 2.0)
      rspec-support (~> 3.8.0)
    rspec-mocks (3.8.0)
      diff-lcs (>= 1.2.0, < 2.0)
      rspec-support (~> 3.8.0)
    rspec-support (3.8.0)
    rubocop (0.62.0)
      jaro_winkler (~> 1.5.1)
      parallel (~> 1.10)
      parser (>= 2.5, != 2.5.1.1)
      powerpack (~> 0.1)
      rainbow (>= 2.2.2, < 4.0)
      ruby-progressbar (~> 1.7)
      unicode-display_width (~> 1.4.0)
    ruby-progressbar (1.10.0)
    ruby2ruby (2.4.1)
      ruby_parser (~> 3.1)
      sexp_processor (~> 4.6)
    ruby_parser (3.12.0)
      sexp_processor (~> 4.9)
    sexp_processor (4.11.0)
    tailor (1.4.1)
      log_switch (~> 0.3.0)
      nokogiri (>= 1.6.0)
      term-ansicolor (>= 1.0.5)
      text-table (>= 1.2.2)
    term-ansicolor (1.7.0)
      tins (~> 1.0)
    text-table (1.2.4)
    tins (1.20.2)
    unicode-display_width (1.4.1)

PLATFORMS
  ruby

DEPENDENCIES
  cane (~> 2.6)
  contracts (~> 0.4)
  cucumber (~> 1.3)
  excellent (~> 2.1)
  flay (~> 2.5)
  flog (~> 4.3)
  rake (~> 10.3)
  reek (~> 1.3)
  roodi (~> 4.0)
  rspec (~> 3.0)
  rubocop (~> 0.49)
  tailor (~> 1.4)

RUBY VERSION
   ruby 2.3.7p456

BUNDLED WITH
   1.16.6
